GEM
  specs:
    hash-utils (2.0.2)
      ruby-version (>= 0.4.0)
    hashie (1.2.0)
    multi_json (1.3.7)
    ruby-version (0.4.2)

PLATFORMS
  ruby

DEPENDENCIES
  hash-utils
  hashie
  multi_json
